GEM
  remote: https://rubygems.org/
  specs:
    builder (3.2.3)
    diff-lcs (1.2.5)
    docile (1.1.5)
    faraday (0.17.1)
      multipart-post (>= 1.2, < 3)
    geminabox (1.1.1)
      builder
      faraday
      httpclient (>= 2.2.7)
      nesty
      reentrant_flock
      sinatra (>= 1.2.7)
    httpclient (2.8.3)
    minitest (5.8.4)
    multi_json (1.10.1)
    multipart-post (2.1.1)
    mustermann (1.0.3)
    nesty (1.0.2)
    rack (2.0.7)
    rack-protection (2.0.7)
      rack
    rake (10.4.2)
    reentrant_flock (0.1.1)
    rspec (3.1.0)
      rspec-core (~> 3.1.0)
      rspec-expectations (~> 3.1.0)
      rspec-mocks (~> 3.1.0)
    rspec-core (3.1.7)
      rspec-support (~> 3.1.0)
    rspec-expectations (3.1.2)
      diff-lcs (>= 1.2.0, < 2.0)
      rspec-support (~> 3.1.0)
    rspec-mocks (3.1.3)
      rspec-support (~> 3.1.0)
    rspec-support (3.1.2)
    simplecov (0.9.1)
      docile (~> 1.1.0)
      multi_json (~> 1.0)
      simplecov-html (~> 0.8.0)
    simplecov-html (0.8.0)
    sinatra (2.0.7)
      mustermann (~> 1.0)
      rack (~> 2.0)
      rack-protection (= 2.0.7)
      tilt (~> 2.0)
    tilt (2.0.10)

PLATFORMS
  ruby

DEPENDENCIES
  geminabox
  minitest
  rake
  rspec
  simplecov
